PATH
  remote: .
  specs:
    puppet-resource_api (1.8.4)
      hocon (>= 1.0)

GEM
  remote: https://rubygems.org/
  specs:
    CFPropertyList (3.0.0)
    activesupport (5.2.3)
      concurrent-ruby (~> 1.0, >= 1.0.2)
      i18n (>= 0.7, < 2)
      minitest (~> 5.1)
      tzinfo (~> 1.1)
    addressable (2.6.0)
      public_suffix (>= 2.0.2, < 4.0)
    ansi (1.5.0)
    ast (2.4.0)
    byebug (11.0.1)
    codecov (0.1.14)
      json
      simplecov
      url
    coderay (1.1.2)
    concurrent-ruby (1.1.5)
    diff-lcs (1.3)
    docile (1.3.2)
    facter (2.5.1)
    faraday (0.15.4)
      multipart-post (>= 1.2, < 3)
    faraday-http-cache (2.0.0)
      faraday (~> 0.8)
    fast_gettext (1.1.2)
    github_changelog_generator (1.14.3)
      activesupport
      faraday-http-cache
      multi_json
      octokit (~> 4.6)
      rainbow (>= 2.1)
      rake (>= 10.0)
      retriable (~> 2.1)
    hiera (3.5.0)
    hocon (1.2.5)
    i18n (1.6.0)
      concurrent-ruby (~> 1.0)
    jaro_winkler (1.5.2)
    json (2.2.0)
    license_finder (5.9.1)
      bundler
      rubyzip
      thor
      toml (= 0.2.0)
      with_env (= 1.1.0)
      xml-simple
    locale (2.1.2)
    metaclass (0.0.4)
    method_source (0.9.2)
    minitest (5.11.3)
    mocha (1.8.0)
      metaclass (~> 0.0.1)
    multi_json (1.13.1)
    multipart-post (2.1.1)
    octokit (4.14.0)
      sawyer (~> 0.8.0, >= 0.5.3)
    parallel (1.17.0)
    parser (2.6.3.0)
      ast (~> 2.4.0)
    parslet (1.8.2)
    pathspec (0.2.1)
    powerpack (0.1.2)
    pry (0.12.2)
      coderay (~> 1.1.0)
      method_source (~> 0.9.0)
    pry-byebug (3.7.0)
      byebug (~> 11.0)
      pry (~> 0.10)
    public_suffix (3.1.0)
    puppet (5.5.14)
      facter (> 2.0.1, < 4)
      fast_gettext (~> 1.1.2)
      hiera (>= 3.2.1, < 4)
      locale (~> 2.1)
      multi_json (~> 1.10)
    puppet-lint (2.3.6)
    puppet-syntax (2.4.3)
      rake
    puppetlabs_spec_helper (2.14.1)
      mocha (~> 1.0)
      pathspec (~> 0.2.1)
      puppet-lint (~> 2.0)
      puppet-syntax (~> 2.0)
      rspec-puppet (~> 2.0)
    rainbow (3.0.0)
    rake (10.5.0)
    retriable (2.1.0)
    rspec (3.8.0)
      rspec-core (~> 3.8.0)
      rspec-expectations (~> 3.8.0)
      rspec-mocks (~> 3.8.0)
    rspec-core (3.8.0)
      rspec-support (~> 3.8.0)
    rspec-expectations (3.8.4)
      diff-lcs (>= 1.2.0, < 2.0)
      rspec-support (~> 3.8.0)
    rspec-mocks (3.8.1)
      diff-lcs (>= 1.2.0, < 2.0)
      rspec-support (~> 3.8.0)
    rspec-puppet (2.7.5)
      rspec
    rspec-support (3.8.2)
    rubocop (0.57.2)
      jaro_winkler (~> 1.5.1)
      parallel (~> 1.10)
      parser (>= 2.5)
      powerpack (~> 0.1)
      rainbow (>= 2.2.2, < 4.0)
      ruby-progressbar (~> 1.7)
      unicode-display_width (~> 1.0, >= 1.0.1)
    rubocop-rspec (1.27.0)
      rubocop (>= 0.56.0)
    ruby-progressbar (1.10.1)
    rubyzip (1.2.3)
    sawyer (0.8.2)
      addressable (>= 2.3.5)
      faraday (> 0.8, < 2.0)
    simplecov (0.16.1)
      docile (~> 1.1)
      json (>= 1.8, < 3)
      simplecov-html (~> 0.10.0)
    simplecov-console (0.5.0)
      ansi
      simplecov
      terminal-table
    simplecov-html (0.10.2)
    terminal-table (1.8.0)
      unicode-display_width (~> 1.1, >= 1.1.1)
    thor (0.20.3)
    thread_safe (0.3.6)
    toml (0.2.0)
      parslet (~> 1.8.0)
    tzinfo (1.2.5)
      thread_safe (~> 0.1)
    unicode-display_width (1.6.0)
    url (0.3.2)
    with_env (1.1.0)
    xml-simple (1.1.5)

PLATFORMS
  ruby

DEPENDENCIES
  CFPropertyList
  codecov
  github_changelog_generator (~> 1.14)
  license_finder
  pry-byebug
  puppet (~> 5.0)
  puppet-resource_api!
  puppetlabs_spec_helper (~> 2.7)
  rake (~> 10.0)
  rspec (~> 3.0)
  rspec-puppet
  rubocop (~> 0.57.0)
  rubocop-rspec
  simplecov-console

BUNDLED WITH
   1.17.3
